GEM
  remote: https://rubygems.org/
  specs:
    coderay (1.1.2)
    method_source (0.9.2)
    mini_portile2 (2.4.0)
    nokogiri (1.10.3)
      mini_portile2 (~> 2.4.0)
    pry (0.12.2)
      coderay (~> 1.1.0)
      method_source (~> 0.9.0)
    roo (2.8.2)
      nokogiri (~> 1)
      rubyzip (>= 1.2.1, < 2.0.0)
    rubyzip (1.2.2)

PLATFORMS
  ruby

DEPENDENCIES
  pry (~> 0.12.2)
  roo (~> 2.8.0)

RUBY VERSION
   ruby 2.3.7p456

BUNDLED WITH
   2.0.1
